GIT
  remote: https://github.com/randym/axlsx.git
  revision: c8ac844572b25fda358cc01d2104720c4c42f450
  ref: c8ac844
  specs:
    axlsx (2.1.0.pre)
      htmlentities (~> 4.3.4)
      mimemagic (~> 0.3)
      nokogiri (>= 1.6.6)
      rubyzip (>= 1.2.1)

GEM
  remote: https://rubygems.org/
  specs:
    actioncable (5.2.4.2)
      actionpack (= 5.2.4.2)
      nio4r (~> 2.0)
      websocket-driver (>= 0.6.1)
    actionmailer (5.2.4.2)
      actionpack (= 5.2.4.2)
      actionview (= 5.2.4.2)
      activejob (= 5.2.4.2)
      mail (~> 2.5, >= 2.5.4)
      rails-dom-testing (~> 2.0)
    actionpack (5.2.4.2)
      actionview (= 5.2.4.2)
      activesupport (= 5.2.4.2)
      rack (~> 2.0, >= 2.0.8)
      rack-test (>= 0.6.3)
      rails-dom-testing (~> 2.0)
      rails-html-sanitizer (~> 1.0, >= 1.0.2)
    actionview (5.2.4.2)
      activesupport (= 5.2.4.2)
      builder (~> 3.1)
      erubi (~> 1.4)
      rails-dom-testing (~> 2.0)
      rails-html-sanitizer (~> 1.0, >= 1.0.3)
    activejob (5.2.4.2)
      activesupport (= 5.2.4.2)
      globalid (>= 0.3.6)
    activemodel (5.2.4.2)
      activesupport (= 5.2.4.2)
    activerecord (5.2.4.2)
      activemodel (= 5.2.4.2)
      activesupport (= 5.2.4.2)
      arel (>= 9.0)
    activerecord-nulldb-adapter (0.4.0)
      activerecord (>= 2.0.0)
    activestorage (5.2.4.2)
      actionpack (= 5.2.4.2)
      activerecord (= 5.2.4.2)
      marcel (~> 0.3.1)
    activesupport (5.2.4.2)
      concurrent-ruby (~> 1.0, >= 1.0.2)
      i18n (>= 0.7, < 2)
      minitest (~> 5.1)
      tzinfo (~> 1.1)
    addressable (2.7.0)
      public_suffix (>= 2.0.2, < 5.0)
    arel (9.0.0)
    autoprefixer-rails (9.7.4)
      execjs
    bcrypt (3.1.13)
    bindex (0.8.1)
    bootsnap (1.4.6)
      msgpack (~> 1.0)
    bootstrap (4.4.1)
      autoprefixer-rails (>= 9.1.0)
      popper_js (>= 1.14.3, < 2)
      sassc-rails (>= 2.0.0)
    bootstrap4-datetime-picker-rails (0.3.1)
      jquery-rails (~> 4.2, >= 4.2.0)
      moment-timezone-rails (~> 1.0)
      momentjs-rails (>= 2.10.5, <= 3.0.0)
    builder (3.2.4)
    byebug (11.1.1)
    capybara (3.31.0)
      addressable
      mini_mime (>= 0.1.3)
      nokogiri (~> 1.8)
      rack (>= 1.6.0)
      rack-test (>= 0.6.3)
      regexp_parser (~> 1.5)
      xpath (~> 3.2)
    chronic (0.10.2)
    coffee-rails (4.2.2)
      coffee-script (>= 2.2.0)
      railties (>= 4.0.0)
    coffee-script (2.4.1)
      coffee-script-source
      execjs
    coffee-script-source (1.12.2)
    concurrent-ruby (1.1.6)
    crass (1.0.6)
    devise (4.7.1)
      bcrypt (~> 3.0)
      orm_adapter (~> 0.1)
      railties (>= 4.1.0)
      responders
      warden (~> 1.2.3)
    devise-i18n (1.9.0)
      devise (>= 4.7.1)
    devise-i18n-views (0.3.7)
    diff-lcs (1.3)
    dotenv (2.7.5)
    dotenv-rails (2.7.5)
      dotenv (= 2.7.5)
      railties (>= 3.2, < 6.1)
    erubi (1.9.0)
    execjs (2.7.0)
    faker (2.10.2)
      i18n (>= 1.6, < 2)
    ffi (1.12.2)
    font-awesome-rails (4.7.0.5)
      railties (>= 3.2, < 6.1)
    globalid (0.4.2)
      activesupport (>= 4.2.0)
    google-analytics-rails (1.1.1)
    hpricot (0.8.6)
    html2slim (0.2.0)
      hpricot
    htmlentities (4.3.4)
    i18n (1.8.2)
      concurrent-ruby (~> 1.0)
    jquery-rails (4.3.5)
      rails-dom-testing (>= 1, < 3)
      railties (>= 4.2.0)
      thor (>= 0.14, < 2.0)
    listen (3.1.5)
      rb-fsevent (~> 0.9, >= 0.9.4)
      rb-inotify (~> 0.9, >= 0.9.7)
      ruby_dep (~> 1.2)
    loofah (2.4.0)
      crass (~> 1.0.2)
      nokogiri (>= 1.5.9)
    mail (2.7.1)
      mini_mime (>= 0.1.1)
    marcel (0.3.3)
      mimemagic (~> 0.3.2)
    meta-tags (2.13.0)
      actionpack (>= 3.2.0, < 6.1)
    method_source (1.0.0)
    mimemagic (0.3.4)
    mini_mime (1.0.2)
    mini_portile2 (2.4.0)
    minitest (5.14.0)
    moment-timezone-rails (1.0.0)
      momentjs-rails (>= 2.10.5, <= 3.0.0)
    momentjs-rails (2.20.1)
      railties (>= 3.1)
    msgpack (1.3.3)
    nio4r (2.5.2)
    nokogiri (1.10.9)
      mini_portile2 (~> 2.4.0)
    orm_adapter (0.5.0)
    pg (1.2.3)
    popper_js (1.16.0)
    public_suffix (4.0.3)
    puma (4.3.3)
      nio4r (~> 2.0)
    rack (2.2.3)
    rack-test (1.1.0)
      rack (>= 1.0, < 3)
    rails (5.2.4.2)
      actioncable (= 5.2.4.2)
      actionmailer (= 5.2.4.2)
      actionpack (= 5.2.4.2)
      actionview (= 5.2.4.2)
      activejob (= 5.2.4.2)
      activemodel (= 5.2.4.2)
      activerecord (= 5.2.4.2)
      activestorage (= 5.2.4.2)
      activesupport (= 5.2.4.2)
      bundler (>= 1.3.0)
      railties (= 5.2.4.2)
      sprockets-rails (>= 2.0.0)
    rails-dom-testing (2.0.3)
      activesupport (>= 4.2.0)
      nokogiri (>= 1.6)
    rails-html-sanitizer (1.3.0)
      loofah (~> 2.3)
    rails-i18n (5.1.3)
      i18n (>= 0.7, < 2)
      railties (>= 5.0, < 6)
    railties (5.2.4.2)
      actionpack (= 5.2.4.2)
      activesupport (= 5.2.4.2)
      method_source
      rake (>= 0.8.7)
      thor (>= 0.19.0, < 2.0)
    rake (13.0.1)
    rb-fsevent (0.10.3)
    rb-inotify (0.10.1)
      ffi (~> 1.0)
    regexp_parser (1.7.0)
    responders (3.0.0)
      actionpack (>= 5.0)
      railties (>= 5.0)
    roo (2.8.3)
      nokogiri (~> 1)
      rubyzip (>= 1.3.0, < 3.0.0)
    rspec-core (3.9.1)
      rspec-support (~> 3.9.1)
    rspec-expectations (3.9.1)
      diff-lcs (>= 1.2.0, < 2.0)
      rspec-support (~> 3.9.0)
    rspec-mocks (3.9.1)
      diff-lcs (>= 1.2.0, < 2.0)
      rspec-support (~> 3.9.0)
    rspec-rails (3.9.1)
      actionpack (>= 3.0)
      activesupport (>= 3.0)
      railties (>= 3.0)
      rspec-core (~> 3.9.0)
      rspec-expectations (~> 3.9.0)
      rspec-mocks (~> 3.9.0)
      rspec-support (~> 3.9.0)
    rspec-support (3.9.2)
    ruby_dep (1.5.0)
    rubyzip (2.3.0)
    sassc (2.2.1)
      ffi (~> 1.9)
    sassc-rails (2.1.2)
      railties (>= 4.0.0)
      sassc (>= 2.0)
      sprockets (> 3.0)
      sprockets-rails
      tilt
    sitemap_generator (6.1.0)
      builder (~> 3.0)
    slim (4.0.1)
      temple (>= 0.7.6, < 0.9)
      tilt (>= 2.0.6, < 2.1)
    slim-rails (3.2.0)
      actionpack (>= 3.1)
      railties (>= 3.1)
      slim (>= 3.0, < 5.0)
    spring (2.1.0)
    spring-commands-rspec (1.0.4)
      spring (>= 0.9.1)
    spring-watcher-listen (2.0.1)
      listen (>= 2.7, < 4.0)
      spring (>= 1.2, < 3.0)
    sprockets (4.0.0)
      concurrent-ruby (~> 1.0)
      rack (> 1, < 3)
    sprockets-rails (3.2.1)
      actionpack (>= 4.0)
      activesupport (>= 4.0)
      sprockets (>= 3.0.0)
    temple (0.8.2)
    thor (1.0.1)
    thread_safe (0.3.6)
    tilt (2.0.10)
    tzinfo (1.2.6)
      thread_safe (~> 0.1)
    uglifier (4.2.0)
      execjs (>= 0.3.0, < 3)
    warden (1.2.8)
      rack (>= 2.0.6)
    web-console (3.7.0)
      actionview (>= 5.0)
      activemodel (>= 5.0)
      bindex (>= 0.4.0)
      railties (>= 5.0)
    websocket-driver (0.7.1)
      websocket-extensions (>= 0.1.0)
    websocket-extensions (0.1.4)
    whenever (1.0.0)
      chronic (>= 0.6.3)
    xpath (3.2.0)
      nokogiri (~> 1.8)
    zip-zip (0.3)
      rubyzip (>= 1.0.0)

PLATFORMS
  ruby

DEPENDENCIES
  actionview (>= 5.2.4.2)
  activerecord-nulldb-adapter
  autoprefixer-rails
  axlsx!
  bcrypt
  bootsnap (>= 1.1.0)
  bootstrap (~> 4.4.1)
  bootstrap4-datetime-picker-rails
  byebug
  capybara
  coffee-rails (~> 4.2)
  devise (~> 4.7, >= 4.7.1)
  devise-i18n
  devise-i18n-views
  dotenv-rails
  faker
  font-awesome-rails
  google-analytics-rails
  html2slim
  jquery-rails
  listen (>= 3.0.5, < 3.2)
  meta-tags
  pg (~> 1.2, >= 1.2.2)
  puma (>= 3.12.3)
  rails (= 5.2.4.2)
  rails-i18n (~> 5.1)
  roo
  rspec-rails
  rubyzip (>= 1.2.1)
  sassc-rails
  sitemap_generator
  slim-rails
  spring
  spring-commands-rspec
  spring-watcher-listen (~> 2.0.0)
  sprockets (~> 4.0)
  uglifier (>= 1.3.0)
  web-console (>= 3.3.0)
  whenever
  zip-zip

RUBY VERSION
   ruby 2.6.5p114

BUNDLED WITH
   1.17.2
